NUGET
  remote: https://nuget.org/api/v2
  specs:
    Microsoft.Web.Xdt (2.1.1)
    Nuget.Core (2.8.5)
      Microsoft.Web.Xdt (>= 2.1.0)
    Pester (3.3.8)
  remote: https://teamcity.unic.com/httpAuth/app/nuget/v1/FeedService.svc
  specs:
    Unic.Bob.Config (1.1.0-scmbob407invokenewwi)
    Unic.Bob.Keith (1.1.0)
    Unic.Bob.Rubble (1.0.0)
    Unic.Bob.Skip (1.0.0)
GITHUB
  remote: adoprog/Sitecore-PowerCore
  specs:
    Framework/DBUtils/DBUtils.psm1 (54f2283ed6099c07edb3cd0b8a30a5baa0549a82)