NUGET
  remote: https://nuget.org/api/v2
  specs:
    Pester (3.1.1)
GITHUB
  remote: adoprog/Sitecore-PowerCore
  specs:
    Framework/DBUtils/DBUtils.psm1 (54f2283ed6099c07edb3cd0b8a30a5baa0549a82)