NUGET
  remote: https://nuget.org/api/v2
  specs:
    Pester (3.3.5)
  remote: https://teamcity.unic.com/httpAuth/app/nuget/v1/FeedService.svc
  specs:
    Unic.Bob.Config (0.2.0-scmbob356fixconfig)
    Unic.Bob.Keith (0.3.0-fixonlyoneparameter)
GITHUB
  remote: adoprog/Sitecore-PowerCore
  specs:
    Framework/DBUtils/DBUtils.psm1 (54f2283ed6099c07edb3cd0b8a30a5baa0549a82)